PATH
  remote: .
  specs:
    cfn-backup (0.1.0)
      cfhighlander (~> 0.10.3, < 1)
      cfndsl (~> 0.17.2, < 1)
      thor (~> 0.20)

GEM
  remote: https://rubygems.org/
  specs:
    aws-eventstream (1.0.3)
    aws-partitions (1.260.0)
    aws-sdk-cloudformation (1.29.0)
      aws-sdk-core (~> 3, >= 3.71.0)
      aws-sigv4 (~> 1.1)
    aws-sdk-core (3.86.0)
      aws-eventstream (~> 1.0, >= 1.0.2)
      aws-partitions (~> 1, >= 1.239.0)
      aws-sigv4 (~> 1.1)
      jmespath (~> 1.0)
    aws-sdk-ec2 (1.129.0)
      aws-sdk-core (~> 3, >= 3.71.0)
      aws-sigv4 (~> 1.1)
    aws-sdk-kms (1.27.0)
      aws-sdk-core (~> 3, >= 3.71.0)
      aws-sigv4 (~> 1.1)
    aws-sdk-s3 (1.60.1)
      aws-sdk-core (~> 3, >= 3.83.0)
      aws-sdk-kms (~> 1)
      aws-sigv4 (~> 1.1)
    aws-sigv4 (1.1.0)
      aws-eventstream (~> 1.0, >= 1.0.2)
    cfhighlander (0.10.7)
      aws-sdk-cloudformation (~> 1, < 2)
      aws-sdk-core (~> 3, < 4)
      aws-sdk-ec2 (~> 1, < 2)
      aws-sdk-s3 (~> 1, < 2)
      cfndsl (= 0.17.2)
      duplicate (~> 1.1)
      git (~> 1.4, < 2)
      highline (>= 1.7.10, < 1.8)
      rubyzip (>= 2.0.0, < 3)
      thor (~> 0.20, < 1)
    cfndsl (0.17.2)
    duplicate (1.1.1)
    git (1.5.0)
    highline (1.7.10)
    jmespath (1.6.1)
    rake (13.0.1)
    rubyzip (2.0.0)
    thor (0.20.3)

PLATFORMS
  ruby

DEPENDENCIES
  bundler (~> 2.0)
  cfn-backup!
  rake (~> 13.0)

BUNDLED WITH
   2.1.2
